PATH
  remote: .
  specs:
    pdf-417 (0.9.4)
      chunky_png (~> 1)

GEM
  remote: https://rubygems.org/
  specs:
    chunky_png (1.4.0)

PLATFORMS
  ruby

DEPENDENCIES
  pdf-417!

BUNDLED WITH
   2.3.3
